GEM
  remote: https://rubygems.org/
  specs:
    activemodel (4.2.6)
      activesupport (= 4.2.6)
      builder (~> 3.1)
    activesupport (4.2.6)
      i18n (~> 0.7)
      json (~> 1.7, >= 1.7.7)
      minitest (~> 5.1)
      thread_safe (~> 0.3, >= 0.3.4)
      tzinfo (~> 1.1)
    builder (3.2.2)
    chronic (0.10.2)
    chronic_duration (0.10.6)
      numerizer (~> 0.1.1)
    citrus (3.0.2)
    flapjack (2.0.0)
      activesupport
      chronic
      chronic_duration
      flapjack-diner (= 2.0.0b1)
      gli (= 2.13.1)
      hiredis
      icalendar
      ice_cube
      json-stream
      mail
      nexmo (= 2.0.0)
      puma
      redis (>= 3.0.7)
      sinatra
      swagger-blocks
      terminal-table
      toml-rb
      tzinfo
      tzinfo-data
      xmpp4r (>= 0.5.5)
      zermelo (= 1.4.3)
    flapjack-diner (2.0.0b1)
      httparty (= 0.13.5)
      json (>= 1.7.7)
    gli (2.13.1)
    hiredis (0.6.1)
    httparty (0.13.5)
      json (~> 1.8)
      multi_xml (>= 0.5.2)
    i18n (0.7.0)
    icalendar (2.3.0)
    ice_cube (0.14.0)
    json (1.8.3)
    json-stream (0.2.1)
    mail (2.6.4)
      mime-types (>= 1.16, < 4)
    mime-types (3.1)
      mime-types-data (~> 3.2015)
    mime-types-data (3.2016.0521)
    minitest (5.9.0)
    multi_xml (0.5.5)
    nexmo (2.0.0)
    numerizer (0.1.1)
    puma (3.4.0)
    rack (1.6.4)
    rack-protection (1.5.3)
      rack
    redis (3.3.0)
    sinatra (1.4.7)
      rack (~> 1.5)
      rack-protection (~> 1.4)
      tilt (>= 1.3, < 3)
    swagger-blocks (1.3.3)
    terminal-table (1.5.2)
    thread_safe (0.3.5)
    tilt (2.0.5)
    toml-rb (0.3.14)
      citrus (~> 3.0, > 3.0)
    tzinfo (1.2.2)
      thread_safe (~> 0.1)
    tzinfo-data (1.2016.4)
      tzinfo (>= 1.0.0)
    xmpp4r (0.5.6)
    zermelo (1.4.3)
      activemodel

PLATFORMS
  ruby

DEPENDENCIES
  flapjack

BUNDLED WITH
   1.12.5
