GEM
  remote: https://rubygems.org/
  specs:
    activesupport (5.1.3)
      concurrent-ruby (~> 1.0, >= 1.0.2)
      i18n (~> 0.7)
      minitest (~> 5.1)
      tzinfo (~> 1.1)
    addressable (2.5.1)
      public_suffix (~> 2.0, >= 2.0.2)
    blather (0.8.8)
      activesupport (>= 2.3.11)
      eventmachine (>= 1.0.0)
      girl_friday
      niceogiri (~> 1.0)
      nokogiri (~> 1.5, >= 1.5.6)
    chronic (0.10.2)
    chronic_duration (0.10.6)
      numerizer (~> 0.1.1)
    concurrent-ruby (1.0.5)
    connection_pool (1.2.0)
    cookiejar (0.3.3)
    daemons (1.2.4)
    dante (0.2.0)
    em-hiredis (0.3.1)
      eventmachine (~> 1.0)
      hiredis (~> 0.6.0)
    em-http-request (1.1.5)
      addressable (>= 2.3.4)
      cookiejar (!= 0.3.1)
      em-socksify (>= 0.3)
      eventmachine (>= 1.0.3)
      http_parser.rb (>= 0.6.0)
    em-socksify (0.3.1)
      eventmachine (>= 1.0.0.beta.4)
    em-synchrony (1.0.6)
      eventmachine (>= 1.0.0.beta.1)
    eventmachine (1.0.9.1)
    ffi (1.9.18)
    flapjack (1.6.0)
      activesupport
      blather (~> 0.8.3)
      chronic
      chronic_duration
      dante (= 0.2.0)
      em-hiredis
      em-http-request
      em-synchrony (~> 1.0.2)
      eventmachine (~> 1.0.0)
      gli (= 2.12.0)
      hiredis
      ice_cube
      mail
      nexmo (= 2.0.0)
      nokogiri (= 1.6.2.1)
      oj (>= 2.9.0)
      rack-fiber_pool
      rake
      rbtrace
      redis (~> 3.0.6)
      sinatra
      terminal-table
      thin (~> 1.6.1)
      tzinfo
      tzinfo-data
    girl_friday (0.11.2)
      connection_pool (~> 1.0)
      rubinius-actor
    gli (2.12.0)
    hiredis (0.6.1)
    http_parser.rb (0.6.0)
    i18n (0.8.6)
    ice_cube (0.16.2)
    mail (2.6.6)
      mime-types (>= 1.16, < 4)
    mime-types (3.1)
      mime-types-data (~> 3.2015)
    mime-types-data (3.2016.0521)
    mini_portile (0.6.0)
    minitest (5.10.3)
    msgpack (1.1.0)
    nexmo (2.0.0)
    niceogiri (1.1.2)
      nokogiri (~> 1.5)
    nokogiri (1.6.2.1)
      mini_portile (= 0.6.0)
    numerizer (0.1.1)
    oj (3.3.5)
    public_suffix (2.0.5)
    rack (1.6.8)
    rack-fiber_pool (0.9.3)
    rack-protection (1.5.3)
      rack
    rake (12.0.0)
    rbtrace (0.4.8)
      ffi (>= 1.0.6)
      msgpack (>= 0.4.3)
      trollop (>= 1.16.2)
    redis (3.0.7)
    rubinius-actor (0.0.2)
      rubinius-core-api
    rubinius-core-api (0.0.1)
    sinatra (1.4.8)
      rack (~> 1.5)
      rack-protection (~> 1.4)
      tilt (>= 1.3, < 3)
    terminal-table (1.8.0)
      unicode-display_width (~> 1.1, >= 1.1.1)
    thin (1.6.4)
      daemons (~> 1.0, >= 1.0.9)
      eventmachine (~> 1.0, >= 1.0.4)
      rack (~> 1.0)
    thread_safe (0.3.6)
    tilt (2.0.8)
    trollop (2.1.2)
    tzinfo (1.2.3)
      thread_safe (~> 0.1)
    tzinfo-data (1.2017.2)
      tzinfo (>= 1.0.0)
    unicode-display_width (1.3.0)

PLATFORMS
  ruby

DEPENDENCIES
  flapjack (~> 1.6)

BUNDLED WITH
   1.15.3
